PATH
  remote: .
  specs:
    jdbc-redshift (0.0.1)

GEM
  remote: http://rubygems.org/
  specs:

PLATFORMS
  java

DEPENDENCIES
  jdbc-redshift!
